PATH
  remote: .
  specs:
    paranoid (0.0.10)
      activerecord (~> 3.0.5)

GEM
  remote: http://rubygems.org/
  specs:
    activemodel (3.0.12)
      activesupport (= 3.0.12)
      builder (~> 2.1.2)
      i18n (~> 0.5.0)
    activerecord (3.0.12)
      activemodel (= 3.0.12)
      activesupport (= 3.0.12)
      arel (~> 2.0.10)
      tzinfo (~> 0.3.23)
    activesupport (3.0.12)
    arel (2.0.10)
    builder (2.1.2)
    diff-lcs (1.1.3)
    ffi (1.0.11)
    i18n (0.5.0)
    rake (0.9.2.2)
    rspec (2.5.0)
      rspec-core (~> 2.5.0)
      rspec-expectations (~> 2.5.0)
      rspec-mocks (~> 2.5.0)
    rspec-core (2.5.2)
    rspec-expectations (2.5.0)
      diff-lcs (~> 1.1.2)
    rspec-mocks (2.5.0)
    sqlite3 (0.1.1)
      ffi (>= 0.6.3)
    tzinfo (0.3.32)

PLATFORMS
  ruby

DEPENDENCIES
  paranoid!
  rake (~> 0.9.2.2)
  rspec (~> 2.5.0)
  sqlite3 (~> 0.1.1)
